GEM
  remote: https://rubygems.org/
  specs:
    autoprefixer-rails (5.1.7)
      execjs
      json
    blankslate (2.1.2.4)
    bootstrap-sass (3.3.3)
      autoprefixer-rails (>= 5.0.0.1)
      sass (>= 3.2.19)
    classifier (1.3.4)
      fast-stemmer (>= 1.0.0)
    colorator (0.1)
    colored (1.2)
    commander (4.1.6)
      highline (~> 1.6.11)
    configure-s3-website (1.7.1)
      deep_merge (= 1.0.0)
    deep_merge (1.0.0)
    dotenv (1.0.2)
    execjs (2.3.0)
    fast-stemmer (1.0.2)
    ffi (1.9.6)
    highline (1.6.21)
    hike (1.2.3)
    jekyll (1.5.1)
      classifier (~> 1.3)
      colorator (~> 0.1)
      commander (~> 4.1.3)
      liquid (~> 2.5.5)
      listen (~> 1.3)
      maruku (= 0.7.0)
      pygments.rb (~> 0.5.0)
      redcarpet (~> 2.3.0)
      safe_yaml (~> 1.0)
      toml (~> 0.1.0)
    jekyll-assets (0.9.2)
      jekyll (>= 1.0.0, < 3.0.0)
      sass (~> 3.2)
      sprockets (~> 2.10)
      sprockets-helpers
      sprockets-sass
    json (1.8.2)
    kramdown (1.5.0)
    liquid (2.5.5)
    listen (1.3.1)
      rb-fsevent (>= 0.9.3)
      rb-inotify (>= 0.9)
      rb-kqueue (>= 0.2)
    maruku (0.7.0)
    multi_json (1.10.1)
    parslet (1.5.0)
      blankslate (~> 2.0)
    posix-spawn (0.3.10)
    pygments.rb (0.5.4)
      posix-spawn (~> 0.3.6)
      yajl-ruby (~> 1.1.0)
    rack (1.5.2)
    rack-jekyll (0.4.1)
      jekyll (>= 0.12.0, < 2.0)
      rack (~> 1.5.0)
    rb-fsevent (0.9.4)
    rb-inotify (0.9.5)
      ffi (>= 0.5.0)
    rb-kqueue (0.2.3)
      ffi (>= 0.5.0)
    redcarpet (2.3.0)
    s3_website (2.8.3)
      colored (= 1.2)
      configure-s3-website (= 1.7.1)
      dotenv (~> 1.0)
      thor (~> 0.18)
    safe_yaml (1.0.4)
    sass (3.4.12)
    sprockets (2.12.3)
      hike (~> 1.2)
      multi_json (~> 1.0)
      rack (~> 1.0)
      tilt (~> 1.1, != 1.3.0)
    sprockets-helpers (1.1.0)
      sprockets (~> 2.0)
    sprockets-sass (1.3.1)
      sprockets (~> 2.0)
      tilt (~> 1.1)
    thor (0.19.1)
    tilt (1.4.1)
    toml (0.1.2)
      parslet (~> 1.5.0)
    uglifier (2.7.0)
      execjs (>= 0.3.0)
      json (>= 1.8.0)
    yajl-ruby (1.1.0)

PLATFORMS
  ruby

DEPENDENCIES
  bootstrap-sass (~> 3.3.3)
  bundler
  dotenv (~> 1.0.2)
  jekyll
  jekyll-assets
  kramdown (~> 1.5.0)
  rack-jekyll
  s3_website (~> 2.8.3)
  uglifier (~> 2.7.0)
